PATH
  remote: .
  specs:
    gooddata (0.6.54)
      aws-sdk (~> 2.9, >= 2.9.42)
      backports
      docile (~> 1.1)
      erubis (~> 2.7)
      gli (~> 2.15)
      highline (~> 1.7)
      json_pure (~> 1.8)
      multi_json (~> 1.12)
      parseconfig (~> 1.0)
      pmap (~> 1.1)
      rest-client (~> 1.8)
      restforce (~> 2.4)
      rubyzip (~> 1.2)
      salesforce_bulk_query (~> 0.2)
      terminal-table (~> 1.7)
      thread_safe

GEM
  remote: https://rubygems.org/
  specs:
    ZenTest (4.12.0)
    addressable (2.7.0)
      public_suffix (>= 2.0.2, < 5.0)
    ast (2.4.2)
    aws-eventstream (1.1.1)
    aws-sdk (2.11.632)
      aws-sdk-resources (= 2.11.632)
    aws-sdk-core (2.11.632)
      aws-sigv4 (~> 1.0)
      jmespath (~> 1.0)
    aws-sdk-resources (2.11.632)
      aws-sdk-core (= 2.11.632)
    aws-sigv4 (1.2.3)
      aws-eventstream (~> 1, >= 1.0.2)
    backports (3.20.2)
    coderay (1.1.3)
    colored (1.2)
    crack (0.4.5)
      rexml
    diff-lcs (1.4.4)
    docile (1.3.5)
    domain_name (0.5.20190701)
      unf (>= 0.0.5, < 1.0.0)
    erubis (2.7.0)
    faraday (1.0.0)
      multipart-post (>= 1.2, < 3)
    faraday_middleware (1.0.0)
      faraday (~> 1.0)
    gli (2.20.0)
    hashdiff (1.0.1)
    hashie (3.6.0)
    highline (1.7.10)
    http-cookie (1.0.3)
      domain_name (~> 0.5)
    httparty (0.16.2)
      multi_xml (>= 0.5.2)
    jmespath (1.4.0)
    json (1.8.6)
    json_pure (1.8.6)
    license_finder (2.1.2)
      bundler
      httparty
      rubyzip
      thor
      xml-simple
    method_source (1.0.0)
    mime-types (2.99.3)
    multi_json (1.15.0)
    multi_xml (0.6.0)
    multipart-post (2.1.1)
    netrc (0.11.0)
    parseconfig (1.1.0)
    parser (2.7.2.0)
      ast (~> 2.4.1)
    pmap (1.1.1)
    powerpack (0.1.3)
    pry (0.14.0)
      coderay (~> 1.1)
      method_source (~> 1.0)
    public_suffix (4.0.6)
    rainbow (2.2.2)
      rake
    rake (11.3.0)
    rake-notes (0.2.2)
      colored
      rake
    redcarpet (3.5.1)
    rest-client (1.8.0)
      http-cookie (>= 1.0.2, < 2.0)
      mime-types (>= 1.16, < 3.0)
      netrc (~> 0.7)
    restforce (2.5.4)
      faraday (>= 0.9.0, <= 1.0)
      faraday_middleware (>= 0.8.8, <= 1.0)
      hashie (>= 1.2.0, < 4.0)
      json (>= 1.7.5)
    rexml (3.2.4)
    rspec (3.10.0)
      rspec-core (~> 3.10.0)
      rspec-expectations (~> 3.10.0)
      rspec-mocks (~> 3.10.0)
    rspec-core (3.10.1)
      rspec-support (~> 3.10.0)
    rspec-expectations (3.10.1)
      diff-lcs (>= 1.2.0, < 2.0)
      rspec-support (~> 3.10.0)
    rspec-mocks (3.10.2)
      diff-lcs (>= 1.2.0, < 2.0)
      rspec-support (~> 3.10.0)
    rspec-support (3.10.2)
    rubocop (0.47.1)
      parser (>= 2.3.3.1, < 3.0)
      powerpack (~> 0.1)
      rainbow (>= 1.99.1, < 3.0)
      ruby-progressbar (~> 1.7)
      unicode-display_width (~> 1.0, >= 1.0.1)
    ruby-progressbar (1.11.0)
    rubyzip (1.3.0)
    salesforce_bulk_query (0.2.0)
      json (~> 1.8)
      xml-simple (~> 1.1)
    simplecov (0.17.1)
      docile (~> 1.1)
      json (>= 1.8, < 3)
      simplecov-html (~> 0.10.0)
    simplecov-html (0.10.2)
    terminal-table (1.8.0)
      unicode-display_width (~> 1.1, >= 1.1.1)
    thor (1.1.0)
    thread_safe (0.3.6)
    unf (0.1.4)
      unf_ext
    unf_ext (0.0.7.7)
    unicode-display_width (1.7.0)
    webmock (1.24.6)
      addressable (>= 2.3.6)
      crack (>= 0.3.2)
      hashdiff
    xml-simple (1.1.8)
    yard (0.9.26)
    yard-rspec (0.1)
      yard

PLATFORMS
  ruby

DEPENDENCIES
  ZenTest (~> 4.11)
  bundler (~> 1.14)
  gooddata!
  license_finder (~> 2.0)
  pry
  rake (~> 11.1)
  rake-notes (~> 0.2)
  redcarpet (~> 3.1)
  rspec (~> 3.5)
  rspec-expectations (~> 3.5)
  rubocop (< 0.48)
  simplecov (~> 0.12)
  webmock (~> 1.21)
  yard (~> 0.8)
  yard-rspec (~> 0.1)

BUNDLED WITH
   1.14.6
